GEM
  remote: http://rubygems.org/
  specs:
    json (2.6.2)
    mustermann (3.0.0)
      ruby2_keywords (~> 0.0.1)
    nio4r (2.5.8)
    puma (6.0.0)
      nio4r (~> 2.0)
    rack (2.2.6.4)
    rack-protection (3.0.4)
      rack
    ruby2_keywords (0.0.5)
    sinatra (3.0.4)
      mustermann (~> 3.0)
      rack (~> 2.2, >= 2.2.4)
      rack-protection (= 3.0.4)
      tilt (~> 2.0)
    tilt (2.0.11)

PLATFORMS
  ruby

DEPENDENCIES
  json (~> 2.6)
  puma (~> 6.0)
  sinatra (~> 3.0)

BUNDLED WITH
   2.3.22
